PATH
  remote: .
  specs:
    ruby_motion_query (0.5.7)

GEM
  remote: https://rubygems.org/
  specs:
    bacon (1.2.0)
    rake (10.2.2)

PLATFORMS
  ruby

DEPENDENCIES
  bacon
  rake
  ruby_motion_query!
