PATH
  remote: .
  specs:
    ruby_motion_query (0.5.5)

GEM
  remote: https://rubygems.org/
  specs:
    bacon (1.2.0)
    rake (10.1.1)

PLATFORMS
  ruby

DEPENDENCIES
  bacon
  rake
  ruby_motion_query!
